PATH
  remote: .
  specs:
    hdfs-viking (0.0.8)
      bundler
      lock_jar
      pry
      rake

GEM
  remote: https://rubygems.org/
  specs:
    coderay (1.1.0)
    ffi (1.9.8-java)
    lock_jar (0.10.3)
      naether (~> 0.13.8)
      thor (>= 0.18.1)
    method_source (0.8.2)
    naether (0.13.8-java)
    pry (0.10.3-java)
      coderay (~> 1.1.0)
      method_source (~> 0.8.1)
      slop (~> 3.4)
      spoon (~> 0.0)
    rake (10.2.1)
    slop (3.6.0)
    spoon (0.0.4)
      ffi
    thor (0.18.1)

PLATFORMS
  java
  ruby

DEPENDENCIES
  hdfs-viking!

BUNDLED WITH
   1.10.6
